GIT
  remote: git://github.com/xenda/fbgraph.git
  revision: db46f8021dff5d881ec08ba5643b227249b055b5
  specs:
    fbgraph (1.8.0)
      activesupport
      activesupport
      hashie
      hashie
      i18n
      i18n
      json
      json
      oauth2
      oauth2
      rest-client
      rest-client
      typhoeus
      typhoeus

GIT
  remote: git://github.com/xenda/oauth2.git
  revision: 3a0a9f7c2d130fa8a88a1f6906dcb47232957592
  branch: xenda_fix
  specs:
    oauth2 (0.4.1)
      faraday (~> 0.6.1)
      multi_json (>= 0.0.5)

GEM
  remote: http://rubygems.org/
  specs:
    POpen4 (0.1.4)
      Platform (>= 0.4.0)
      open4
    Platform (0.4.0)
    abstract (1.0.0)
    actionmailer (3.0.7)
      actionpack (= 3.0.7)
      mail (~> 2.2.15)
    actionpack (3.0.7)
      activemodel (= 3.0.7)
      activesupport (= 3.0.7)
      builder (~> 2.1.2)
      erubis (~> 2.6.6)
      i18n (~> 0.5.0)
      rack (~> 1.2.1)
      rack-mount (~> 0.6.14)
      rack-test (~> 0.5.7)
      tzinfo (~> 0.3.23)
    activemodel (3.0.7)
      activesupport (= 3.0.7)
      builder (~> 2.1.2)
      i18n (~> 0.5.0)
    activerecord (3.0.7)
      activemodel (= 3.0.7)
      activesupport (= 3.0.7)
      arel (~> 2.0.2)
      tzinfo (~> 0.3.23)
    activeresource (3.0.7)
      activemodel (= 3.0.7)
      activesupport (= 3.0.7)
    activesupport (3.0.7)
    addressable (2.2.6)
    arel (2.0.10)
    attr_required (0.0.3)
    aws-s3 (0.6.2)
      builder
      mime-types
      xml-simple
    bcrypt-ruby (2.1.4)
    builder (2.1.2)
    cocaine (0.1.0)
    crack (0.1.8)
    devise (1.3.4)
      bcrypt-ruby (~> 2.1.2)
      orm_adapter (~> 0.0.3)
      warden (~> 1.0.3)
    devise_oauth2_canvas_facebook (0.0.10)
      devise (>= 1.1.2)
      fbgraph
    erubis (2.6.6)
      abstract (>= 1.0.0)
    faraday (0.6.1)
      addressable (~> 2.2.4)
      multipart-post (~> 1.1.0)
      rack (>= 1.1.0, < 2)
    fb_graph (1.8.6)
      httpclient (>= 2.2.0.2)
      rack-oauth2 (>= 0.8.0)
    haml (3.1.2)
    haml-rails (0.3.4)
      actionpack (~> 3.0)
      activesupport (~> 3.0)
      haml (~> 3.0)
      railties (~> 3.0)
    has_scope (0.5.0)
    hashie (1.0.0)
    httpclient (2.2.1)
    i18n (0.5.0)
    inherited_resources (1.2.2)
      has_scope (~> 0.5.0)
      responders (~> 0.6.0)
    jammit (0.6.3)
      yui-compressor (>= 0.9.3)
    jquery-rails (1.0.11)
      railties (~> 3.0)
      thor (~> 0.14)
    json (1.5.2)
    mail (2.2.19)
      activesupport (>= 2.3.6)
      i18n (>= 0.4.0)
      mime-types (~> 1.16)
      treetop (~> 1.4.8)
    mime-types (1.16)
    multi_json (1.0.3)
    multipart-post (1.1.2)
    mysql2 (0.2.10)
    open4 (1.0.1)
    orm_adapter (0.0.5)
    paperclip (2.3.15)
      activerecord (>= 2.3.0)
      activesupport (>= 2.3.2)
      cocaine (>= 0.0.2)
      mime-types
    polyglot (0.3.1)
    pusher (0.8.1)
      crack (~> 0.1.0)
      multi_json (~> 1.0)
      ruby-hmac (~> 0.4.0)
      signature (~> 0.1.2)
    rack (1.2.3)
    rack-mount (0.6.14)
      rack (>= 1.0.0)
    rack-oauth2 (0.8.1)
      activesupport (>= 2.3)
      attr_required (>= 0.0.3)
      httpclient (>= 2.2.0.2)
      i18n
      json (>= 1.4.3)
      rack (>= 1.1)
    rack-test (0.5.7)
      rack (>= 1.0)
    rails (3.0.7)
      actionmailer (= 3.0.7)
      actionpack (= 3.0.7)
      activerecord (= 3.0.7)
      activeresource (= 3.0.7)
      activesupport (= 3.0.7)
      bundler (~> 1.0)
      railties (= 3.0.7)
    rails-footnotes (3.7.4)
      rails (>= 3.0.0)
    railties (3.0.7)
      actionpack (= 3.0.7)
      activesupport (= 3.0.7)
      rake (>= 0.8.7)
      thor (~> 0.14.4)
    rake (0.8.7)
    responders (0.6.4)
    rest-client (1.6.3)
      mime-types (>= 1.16)
    ruby-hmac (0.4.0)
    signature (0.1.2)
      ruby-hmac
    simple_form (1.4.1)
    thor (0.14.6)
    treetop (1.4.9)
      polyglot (>= 0.3.1)
    typhoeus (0.2.4)
      mime-types
      mime-types
    tzinfo (0.3.28)
    warden (1.0.4)
      rack (>= 1.0)
    xml-simple (1.0.14)
    yui-compressor (0.9.6)
      POpen4 (>= 0.1.4)

PLATFORMS
  ruby

DEPENDENCIES
  aws-s3
  devise
  devise_oauth2_canvas_facebook
  fb_graph
  fbgraph!
  haml (>= 3.0.0)
  haml-rails
  inherited_resources
  jammit
  jquery-rails
  mysql2 (= 0.2.10)
  oauth2!
  paperclip
  pusher
  rails (= 3.0.7)
  rails-footnotes (>= 3.7)
  rake (= 0.8.7)
  simple_form
